{
    "Modality":"MR",
    "MagneticFieldStrength":3,
    "ImagingFrequency":123.25,
    "Manufacturer":"Siemens",
    "ManufacturersModelName":"Prisma_fit",
    "InstitutionName":"Caltech Prisma32",
    "InstitutionalDepartmentName":"Department",
    "InstitutionAddress":"Michigan Ave 320,Pasadena,California,US,91025",
    "DeviceSerialNumber":"167050",
    "StationName":"PRISMA",
    "BodyPartExamined":"BRAIN",
    "PatientPosition":"HFS",
    "SoftwareVersions":"syngo MR E11",
    "MRAcquisitionType":"3D",
    "SeriesDescription":"T1w RMS",
    "ProtocolName":"T1w",
    "ScanningSequence":"GR\\IR",
    "SequenceVariant":"SK\\SP\\MP\\OSP",
    "ScanOptions":"IR\\WE",
    "SequenceName":"tfl_me3d4_16ns",
    "ImageType":[
        "ORIGINAL",
        "PRIMARY",
        "OTHER",
        "ND",
        "NORM",
        "MEAN"
    ],
    "SeriesNumber":22,
    "AcquisitionTime":"18:42:15.467500",
    "AcquisitionNumber":1,
    "SliceThickness":0.9,
    "SAR":0.0460209,
    "NumberOfAverages":4,
    "EchoTime":0.00163,
    "RepetitionTime":2.55,
    "SpoilingState":true,
    "InversionTime":1.15,
    "FlipAngle":8,
    "PartialFourier":1,
    "BaseResolution":256,
    "ShimSetting":[
        7015,
        -3591,
        8021,
        776,
        65,
        -29,
        -290,
        -1
    ],
    "TxRefAmp":242.979,
    "PhaseResolution":1,
    "PhaseOversampling":0.1,
    "ReceiveCoilName":"Head_32",
    "ReceiveCoilActiveElements":"HEA;HEP",
    "PulseSequenceDetails":"%CustomerSeq%\\tfl_mgh_multiecho",
    "RefLinesPE":32,
    "CoilCombinationMethod":"Adaptive Combine",
    "ConsistencyInfo":"N4_VE11C_LATEST_20160120",
    "MatrixCoilMode":"GRAPPA",
    "PercentPhaseFOV":100,
    "PercentSampling":100,
    "PhaseEncodingSteps":282,
    "AcquisitionMatrixPE":256,
    "ReconMatrixPE":256,
    "ParallelReductionFactorInPlane":2,
    "PixelBandwidth":700,
    "DwellTime":2.8e-06,
    "ImageOrientationPatientDICOM":[
        0,
        1,
        0,
        0,
        0,
        -1
    ],
    "ImageOrientationText":"Sag",
    "InPlanePhaseEncodingDirectionDICOM":"ROW",
    "ConversionSoftware":"dcm2niix",
    "ConversionSoftwareVersion":"v1.0.20211006"
}