{
    "Modality": "MR",
    "MagneticFieldStrength": 3,
    "ImagingFrequency": 123.25,
    "Manufacturer": "Siemens",
    "ManufacturersModelName": "Prisma_fit",
    "BodyPartExamined": "BRAIN",
    "PatientPosition": "HFS",
    "SoftwareVersions": "syngo MR E11",
    "MRAcquisitionType": "2D",
    "SeriesDescription": "func-bold_task-MBMF_run-1_SBRef",
    "ProtocolName": "func-bold_task-MBMF_run-1",
    "ScanningSequence": "EP",
    "SequenceVariant": "SK\\SS\\OSP",
    "ScanOptions": "FS\\EXT",
    "SequenceName": "epfid2d1_96",
    "ImageType": [
        "ORIGINAL",
        "PRIMARY",
        "M",
        "ND",
        "MOSAIC"
    ],
    "SeriesNumber": 23,
    "AcquisitionNumber": 1,
    "ImageComments": "Single-band reference\r\nfw",
    "SliceThickness": 2,
    "SpacingBetweenSlices": 2,
    "SAR": 0.0829059,
    "EchoTime": 0.03,
    "RepetitionTime": 1.12,
    "FlipAngle": 54,
    "PartialFourier": 1,
    "BaseResolution": 96,
    "ShimSetting": [
        6984,
        -3655,
        7945,
        497,
        -84,
        -35,
        61,
        18
    ],
    "TxRefAmp": 240.94,
    "PhaseResolution": 1,
    "PhaseOversampling": 0.1,
    "ReceiveCoilName": "Head_32",
    "ReceiveCoilActiveElements": "HEA;HEP",
    "PulseSequenceDetails": "%CustomerSeq%\\cmrr_mbep2d_bold",
    "RefLinesPE": 24,
    "CoilCombinationMethod": "Sum of Squares",
    "ConsistencyInfo": "N4_VE11C_LATEST_20160120",
    "MatrixCoilMode": "GRAPPA",
    "PercentPhaseFOV": 100,
    "PercentSampling": 100,
    "EchoTrainLength": 53,
    "PhaseEncodingSteps": 106,
    "AcquisitionMatrixPE": 96,
    "ReconMatrixPE": 96,
    "BandwidthPerPixelPhaseEncode": 33.693,
    "ParallelReductionFactorInPlane": 2,
    "EffectiveEchoSpacing": 0.000309164,
    "DerivedVendorReportedEchoSpacing": 0.000562117,
    "TotalReadoutTime": 0.0293706,
    "PixelBandwidth": 2265,
    "DwellTime": 2.3e-06,
    "PhaseEncodingDirection": "j-",
    "SliceTiming": [
        0,
        0.0625,
        0.1225,
        0.1825,
        0.245,
        0.305,
        0.3675,
        0.4275,
        0.49,
        0.55,
        0.6125,
        0.6725,
        0.7325,
        0.795,
        0.855,
        0.9175,
        0.9775,
        1.04,
        1.1,
        1.1625,
        1.2225,
        1.2825,
        1.345,
        1.405,
        1.4675,
        1.5275,
        1.59,
        1.65,
        1.7125,
        1.7725,
        1.8325,
        1.895,
        1.955,
        2.0175,
        2.0775,
        2.14,
        2.2,
        2.2625,
        2.3225,
        2.3825,
        2.445,
        2.505,
        2.5675,
        2.6275,
        2.69,
        2.75,
        2.8125,
        2.8725,
        2.9325,
        2.995,
        3.055,
        3.1175,
        3.1775,
        3.24,
        3.3,
        3.3625,
        3.4225,
        3.4825,
        3.545,
        3.605,
        3.6675,
        3.7275,
        3.79,
        3.85,
        3.9125,
        3.9725,
        4.0325,
        4.095,
        4.155,
        4.2175,
        4.2775,
        4.34
    ],
    "ImageOrientationPatientDICOM": [
        1,
        0,
        0,
        0,
        0.866025,
        -0.5
    ],
    "ImageOrientationText": "Tra>Cor(-30.0)",
    "InPlanePhaseEncodingDirectionDICOM": "COL",
    "ConversionSoftware": "dcm2niix",
    "ConversionSoftwareVersion": "v1.0.20211006",
    "TaskName": "MBMF"
}
