{
    "Modality":"MR",
    "MagneticFieldStrength":3,
    "ImagingFrequency":123.25,
    "Manufacturer":"Siemens",
    "ManufacturersModelName":"Prisma_fit",
    "InstitutionName":"Caltech Prisma32",
    "InstitutionalDepartmentName":"Department",
    "InstitutionAddress":"Michigan Ave 320,Pasadena,California,US,91025",
    "DeviceSerialNumber":"167050",
    "StationName":"PRISMA",
    "BodyPartExamined":"BRAIN",
    "PatientPosition":"HFS",
    "SoftwareVersions":"syngo MR E11",
    "MRAcquisitionType":"2D",
    "SeriesDescription":"dMRI_S0_PA",
    "ProtocolName":"dMRI_S0_PA",
    "ScanningSequence":"EP",
    "SequenceVariant":"SK\\SS",
    "ScanOptions":"PFP",
    "SequenceName":"ep_b0",
    "ImageType":[
        "ORIGINAL",
        "PRIMARY",
        "DIFFUSION",
        "NONE",
        "MB",
        "ND"
    ],
    "SeriesNumber":40,
    "AcquisitionTime":"19:35:46.795000",
    "AcquisitionNumber":1,
    "ImageComments":"Unaliased MB4/PE3/LB SENSE1",
    "SliceThickness":1.5,
    "SpacingBetweenSlices":1.5,
    "SAR":0.0935125,
    "EchoTime":0.0892,
    "RepetitionTime":3.23,
    "FlipAngle":78,
    "PartialFourier":0.75,
    "BaseResolution":140,
    "ShimSetting":[
        7013,
        -3573,
        8047,
        871,
        65,
        40,
        -308,
        6
    ],
    "DiffusionScheme":"Monopolar",
    "TxRefAmp":242.979,
    "PhaseResolution":1,
    "ReceiveCoilName":"Head_32",
    "ReceiveCoilActiveElements":"HEA;HEP",
    "PulseSequenceDetails":"%CustomerSeq%\\cmrr_mbep2d_diff",
    "WipMemBlock":"cbd5d6a0-740d-4039-a541-7122f168bcac||Sequence: R016 ve11c/master r/e634e98; Dec 19 2017 11:11:25 by eja",
    "CoilCombinationMethod":"Sum of Squares",
    "ConsistencyInfo":"N4_VE11C_LATEST_20160120",
    "MatrixCoilMode":"SENSE",
    "MultibandAccelerationFactor":4,
    "PercentPhaseFOV":100,
    "PercentSampling":100,
    "EchoTrainLength":105,
    "PhaseEncodingSteps":105,
    "AcquisitionMatrixPE":140,
    "ReconMatrixPE":140,
    "BandwidthPerPixelPhaseEncode":10.352,
    "EffectiveEchoSpacing":0.000689998,
    "DerivedVendorReportedEchoSpacing":0.000689998,
    "TotalReadoutTime":0.0959097,
    "PixelBandwidth":1700,
    "DwellTime":2.1e-06,
    "PhaseEncodingDirection":"j",
    "SliceTiming":[
        0,
        1.67188,
        0.14062,
        1.8125,
        0.28125,
        1.95312,
        0.42188,
        2.09375,
        0.5625,
        2.23438,
        0.70312,
        2.375,
        0.82812,
        2.51562,
        0.96875,
        2.65625,
        1.10938,
        2.79688,
        1.25,
        2.9375,
        1.39062,
        3.0625,
        1.53125,
        0,
        1.67188,
        0.14062,
        1.8125,
        0.28125,
        1.95312,
        0.42188,
        2.09375,
        0.5625,
        2.23438,
        0.70312,
        2.375,
        0.82812,
        2.51562,
        0.96875,
        2.65625,
        1.10938,
        2.79688,
        1.25,
        2.9375,
        1.39062,
        3.0625,
        1.53125,
        0,
        1.67188,
        0.14062,
        1.8125,
        0.28125,
        1.95312,
        0.42188,
        2.09375,
        0.5625,
        2.23438,
        0.70312,
        2.375,
        0.82812,
        2.51562,
        0.96875,
        2.65625,
        1.10938,
        2.79688,
        1.25,
        2.9375,
        1.39062,
        3.0625,
        1.53125,
        0,
        1.67188,
        0.14062,
        1.8125,
        0.28125,
        1.95312,
        0.42188,
        2.09375,
        0.5625,
        2.23438,
        0.70312,
        2.375,
        0.82812,
        2.51562,
        0.96875,
        2.65625,
        1.10938,
        2.79688,
        1.25,
        2.9375,
        1.39062,
        3.0625,
        1.53125
    ],
    "ImageOrientationPatientDICOM":[
        1,
        0,
        0,
        0,
        0.939693,
        -0.34202
    ],
    "ImageOrientationText":"Tra>Cor(-20.0)",
    "InPlanePhaseEncodingDirectionDICOM":"COL",
    "ConversionSoftware":"dcm2niix",
    "ConversionSoftwareVersion":"v1.0.20211006"
}