{
    "Modality": "MR",
    "MagneticFieldStrength": 3,
    "ImagingFrequency": 123.25,
    "Manufacturer": "Siemens",
    "ManufacturersModelName": "Prisma_fit",
    "InstitutionName": "Caltech Prisma32",
    "InstitutionalDepartmentName": "Department",
    "InstitutionAddress": "Michigan Ave 320,Pasadena,California,US,91025",
    "DeviceSerialNumber": "167050",
    "StationName": "PRISMA",
    "BodyPartExamined": "BRAIN",
    "PatientPosition": "HFS",
    "SoftwareVersions": "syngo MR E11",
    "MRAcquisitionType": "2D",
    "SeriesDescription": "acq-MBMF_dir-AP_run-01_epi",
    "ProtocolName": "acq-MBMF_dir-AP_run-01_epi",
    "ScanningSequence": "EP",
    "SequenceVariant": "SK\\OSP",
    "ScanOptions": "FS",
    "SequenceName": "epse2d1_96",
    "ImageType": [
        "ORIGINAL",
        "PRIMARY",
        "M",
        "ND",
        "MOSAIC"
    ],
    "SeriesNumber": 25,
    "AcquisitionTime": "18:56:6.607500",
    "AcquisitionNumber": 1,
    "SliceThickness": 2,
    "SpacingBetweenSlices": 2,
    "SAR": 0.144149,
    "EchoTime": 0.0414,
    "RepetitionTime": 5.13,
    "FlipAngle": 90,
    "PartialFourier": 1,
    "BaseResolution": 96,
    "ShimSetting": [
        7012,
        -3556,
        8067,
        890,
        55,
        153,
        -348,
        10
    ],
    "TxRefAmp": 242.979,
    "PhaseResolution": 1,
    "PhaseOversampling": 0.1,
    "VendorReportedEchoSpacing": 0.00056,
    "ReceiveCoilName": "Head_32",
    "ReceiveCoilActiveElements": "HEA;HEP",
    "PulseSequenceDetails": "%CustomerSeq%\\cmrr_mbep2d_se",
    "WipMemBlock": "2f4ab4cd-597e-4eaa-8512-eb7aee2c6a50||Sequence: R016 ve11c/master r/e634e98; Dec 19 2017 11:22:56 by eja",
    "RefLinesPE": 24,
    "CoilCombinationMethod": "Sum of Squares",
    "ConsistencyInfo": "N4_VE11C_LATEST_20160120",
    "MatrixCoilMode": "GRAPPA",
    "PercentPhaseFOV": 100,
    "PercentSampling": 100,
    "EchoTrainLength": 53,
    "PhaseEncodingSteps": 106,
    "AcquisitionMatrixPE": 96,
    "ReconMatrixPE": 96,
    "BandwidthPerPixelPhaseEncode": 33.693,
    "ParallelReductionFactorInPlane": 2,
    "EffectiveEchoSpacing": 0.000309164,
    "DerivedVendorReportedEchoSpacing": 0.000562117,
    "TotalReadoutTime": 0.0293706,
    "PixelBandwidth": 2265,
    "DwellTime": 2.3e-06,
    "PhaseEncodingDirection": "j-",
    "SliceTiming": [
        2.555,
        0,
        2.6275,
        0.0725,
        2.6975,
        0.1425,
        2.7675,
        0.2125,
        2.84,
        0.285,
        2.91,
        0.355,
        2.9825,
        0.4275,
        3.0525,
        0.4975,
        3.1225,
        0.5675,
        3.195,
        0.64,
        3.265,
        0.71,
        3.3375,
        0.7825,
        3.4075,
        0.8525,
        3.4775,
        0.9225,
        3.55,
        0.995,
        3.62,
        1.065,
        3.69,
        1.135,
        3.7625,
        1.2075,
        3.8325,
        1.2775,
        3.905,
        1.35,
        3.975,
        1.42,
        4.045,
        1.49,
        4.1175,
        1.5625,
        4.1875,
        1.6325,
        4.26,
        1.705,
        4.33,
        1.775,
        4.4,
        1.845,
        4.4725,
        1.9175,
        4.5425,
        1.9875,
        4.6125,
        2.06,
        4.685,
        2.13,
        4.755,
        2.2,
        4.8275,
        2.2725,
        4.8975,
        2.3425,
        4.9675,
        2.4125,
        5.04,
        2.485
    ],
    "ImageOrientationPatientDICOM": [
        1,
        0,
        0,
        0,
        0.866025,
        -0.5
    ],
    "ImageOrientationText": "Tra>Cor(-30.0)",
    "InPlanePhaseEncodingDirectionDICOM": "COL",
    "ConversionSoftware": "dcm2niix",
    "ConversionSoftwareVersion": "v1.0.20211006",
    "IntendedFor": ["func/sub-JODMBMFHab000202_task-MBMF_run-1_bold.nii.gz"]
}