{
    "Modality":"MR",
    "MagneticFieldStrength":3,
    "ImagingFrequency":123.25,
    "Manufacturer":"Siemens",
    "ManufacturersModelName":"Prisma_fit",
    "InstitutionName":"Caltech Prisma32",
    "InstitutionalDepartmentName":"Department",
    "InstitutionAddress":"Michigan Ave 320,Pasadena,California,US,91025",
    "DeviceSerialNumber":"167050",
    "StationName":"PRISMA",
    "BodyPartExamined":"BRAIN",
    "PatientPosition":"HFS",
    "SoftwareVersions":"syngo MR E11",
    "MRAcquisitionType":"3D",
    "SeriesDescription":"acq-fmap_gre",
    "ProtocolName":"acq-fmap_gre",
    "ScanningSequence":"GR",
    "SequenceVariant":"SP\\OSP",
    "SequenceName":"*fl3d2_ns",
    "ImageType":[
        "ORIGINAL",
        "PRIMARY",
        "P",
        "ND",
        "PHASE"
    ],
    "SeriesNumber":52,
    "AcquisitionTime":"19:52:3.582500",
    "AcquisitionNumber":1,
    "SliceThickness":2,
    "SAR":0.039212,
    "EchoNumber":1,
    "EchoTime":0.00153,
    "RepetitionTime":0.0062,
    "FlipAngle":8,
    "EchoTime1":0.00153,
    "EchoTime2":0.00423,
    "PartialFourier":1,
    "BaseResolution":96,
    "ShimSetting":[
        6986,
        -3614,
        7688,
        65,
        -24,
        18,
        -26,
        -11
    ],
    "TxRefAmp":242.979,
    "PhaseResolution":1,
    "PhaseOversampling":0.1,
    "ReceiveCoilName":"Head_32",
    "ReceiveCoilActiveElements":"HEA;HEP",
    "PulseSequenceDetails":"%SiemensSeq%\\gre",
    "RefLinesPE":32,
    "CoilCombinationMethod":"Sum of Squares",
    "ConsistencyInfo":"N4_VE11C_LATEST_20160120",
    "AccelFact3D":2,
    "MatrixCoilMode":"GRAPPA",
    "PercentPhaseFOV":100,
    "PercentSampling":100,
    "EchoTrainLength":2,
    "PhaseEncodingSteps":106,
    "AcquisitionMatrixPE":96,
    "ReconMatrixPE":96,
    "ParallelReductionFactorInPlane":4,
    "PixelBandwidth":500,
    "DwellTime":1.04e-05,
    "PhaseEncodingDirection":"i",
    "ImageOrientationPatientDICOM":[
        0,
        1,
        0,
        0,
        0,
        -1
    ],
    "ImageOrientationText":"Sag",
    "InPlanePhaseEncodingDirectionDICOM":"ROW",
    "ConversionSoftware":"dcm2niix",
    "ConversionSoftwareVersion":"v1.0.20211006"
}