{
    "Modality": "MR",
    "MagneticFieldStrength": 3,
    "ImagingFrequency": 123.25,
    "Manufacturer": "Siemens",
    "ManufacturersModelName": "Prisma_fit",
    "BodyPartExamined": "BRAIN",
    "PatientPosition": "HFS",
    "SoftwareVersions": "syngo MR E11",
    "MRAcquisitionType": "2D",
    "SeriesDescription": "acq-MBMF_dir-AP_run-02_epi",
    "ProtocolName": "acq-MBMF_dir-AP_run-02_epi",
    "ScanningSequence": "EP",
    "SequenceVariant": "SK\\OSP",
    "ScanOptions": "FS",
    "SequenceName": "epse2d1_96",
    "ImageType": [
        "ORIGINAL",
        "PRIMARY",
        "M",
        "ND",
        "MOSAIC"
    ],
    "SeriesNumber": 45,
    "AcquisitionNumber": 1,
    "SliceThickness": 2,
    "SpacingBetweenSlices": 2,
    "SAR": 0.122076,
    "EchoTime": 0.0414,
    "RepetitionTime": 5.13,
    "FlipAngle": 90,
    "PartialFourier": 1,
    "BaseResolution": 96,
    "ShimSetting": [
        6984,
        -3641,
        7900,
        502,
        -78,
        34,
        -55,
        -26
    ],
    "TxRefAmp": 242.742,
    "PhaseResolution": 1,
    "PhaseOversampling": 0.1,
    "VendorReportedEchoSpacing": 0.00056,
    "ReceiveCoilName": "Head_32",
    "ReceiveCoilActiveElements": "HEA;HEP",
    "PulseSequenceDetails": "%CustomerSeq%\\cmrr_mbep2d_se",
    "RefLinesPE": 24,
    "CoilCombinationMethod": "Sum of Squares",
    "ConsistencyInfo": "N4_VE11C_LATEST_20160120",
    "MatrixCoilMode": "GRAPPA",
    "PercentPhaseFOV": 100,
    "PercentSampling": 100,
    "EchoTrainLength": 53,
    "PhaseEncodingSteps": 106,
    "AcquisitionMatrixPE": 96,
    "ReconMatrixPE": 96,
    "BandwidthPerPixelPhaseEncode": 33.693,
    "ParallelReductionFactorInPlane": 2,
    "EffectiveEchoSpacing": 0.000309164,
    "DerivedVendorReportedEchoSpacing": 0.000562117,
    "TotalReadoutTime": 0.0293706,
    "PixelBandwidth": 2265,
    "DwellTime": 2.3e-06,
    "PhaseEncodingDirection": "j-",
    "SliceTiming": [
        2.555,
        0,
        2.6275,
        0.0725,
        2.6975,
        0.1425,
        2.77,
        0.215,
        2.84,
        0.285,
        2.91,
        0.355,
        2.9825,
        0.4275,
        3.0525,
        0.4975,
        3.1225,
        0.57,
        3.195,
        0.64,
        3.265,
        0.71,
        3.3375,
        0.7825,
        3.4075,
        0.8525,
        3.4775,
        0.9225,
        3.55,
        0.995,
        3.62,
        1.065,
        3.6925,
        1.1375,
        3.7625,
        1.2075,
        3.8325,
        1.2775,
        3.905,
        1.35,
        3.975,
        1.42,
        4.0475,
        1.4925,
        4.1175,
        1.5625,
        4.1875,
        1.6325,
        4.26,
        1.705,
        4.33,
        1.775,
        4.4,
        1.8475,
        4.4725,
        1.9175,
        4.5425,
        1.9875,
        4.615,
        2.06,
        4.685,
        2.13,
        4.755,
        2.2,
        4.8275,
        2.2725,
        4.8975,
        2.3425,
        4.97,
        2.415,
        5.04,
        2.485
    ],
    "ImageOrientationPatientDICOM": [
        1,
        0,
        0,
        0,
        0.866025,
        -0.5
    ],
    "ImageOrientationText": "Tra>Cor(-30.0)",
    "InPlanePhaseEncodingDirectionDICOM": "COL",
    "ConversionSoftware": "dcm2niix",
    "ConversionSoftwareVersion": "v1.0.20211006",
    "IntendedFor": [
        "func/sub-MBMF002802_task-MBMF_run-2_bold.nii.gz"
    ]
}
