{
    "Modality": "MR",
    "MagneticFieldStrength": 3,
    "ImagingFrequency": 123.25,
    "Manufacturer": "Siemens",
    "ManufacturersModelName": "Prisma_fit",
    "BodyPartExamined": "BRAIN",
    "PatientPosition": "HFS",
    "SoftwareVersions": "syngo MR E11",
    "MRAcquisitionType": "2D",
    "SeriesDescription": "fmap-epi_acq-MBMF_dir-PA_run-2",
    "ProtocolName": "fmap-epi_acq-MBMF_dir-PA_run-2",
    "ScanningSequence": "EP",
    "SequenceVariant": "SK\\OSP",
    "ScanOptions": "FS",
    "SequenceName": "epse2d1_96",
    "ImageType": [
        "ORIGINAL",
        "PRIMARY",
        "M",
        "ND",
        "MOSAIC"
    ],
    "NonlinearGradientCorrection": false,
    "SeriesNumber": 38,
    "AcquisitionNumber": 1,
    "SliceThickness": 2,
    "SpacingBetweenSlices": 2,
    "SAR": 0.138223,
    "EchoTime": 0.0414,
    "RepetitionTime": 5.13,
    "FlipAngle": 90,
    "PartialFourier": 1,
    "BaseResolution": 96,
    "ShimSetting": [
        6992,
        -3637,
        7992,
        575,
        10,
        -77,
        43,
        -57
    ],
    "TxRefAmp": 234.001,
    "PhaseResolution": 1,
    "PhaseOversampling": 0.1,
    "VendorReportedEchoSpacing": 0.00056,
    "ReceiveCoilName": "Head_32",
    "ReceiveCoilActiveElements": "HEA;HEP",
    "PulseSequenceDetails": "%CustomerSeq%\\cmrr_mbep2d_se",
    "RefLinesPE": 24,
    "CoilCombinationMethod": "Sum of Squares",
    "ConsistencyInfo": "N4_VE11C_LATEST_20160120",
    "MatrixCoilMode": "GRAPPA",
    "PercentPhaseFOV": 100,
    "PercentSampling": 100,
    "EchoTrainLength": 53,
    "PhaseEncodingSteps": 106,
    "AcquisitionMatrixPE": 96,
    "ReconMatrixPE": 96,
    "BandwidthPerPixelPhaseEncode": 33.693,
    "ParallelReductionFactorInPlane": 2,
    "EffectiveEchoSpacing": 0.000309164,
    "DerivedVendorReportedEchoSpacing": 0.000562117,
    "TotalReadoutTime": 0.0293706,
    "PixelBandwidth": 2265,
    "PhaseEncodingDirection": "j",
    "SliceTiming": [
        2.555,
        0,
        2.625,
        0.07,
        2.6975,
        0.1425,
        2.7675,
        0.2125,
        2.8375,
        0.2825,
        2.91,
        0.355,
        2.98,
        0.425,
        3.0525,
        0.4975,
        3.1225,
        0.5675,
        3.1925,
        0.6375,
        3.265,
        0.71,
        3.335,
        0.78,
        3.405,
        0.8525,
        3.4775,
        0.9225,
        3.5475,
        0.9925,
        3.62,
        1.065,
        3.69,
        1.135,
        3.76,
        1.205,
        3.8325,
        1.2775,
        3.9025,
        1.3475,
        3.975,
        1.42,
        4.045,
        1.49,
        4.115,
        1.56,
        4.1875,
        1.6325,
        4.2575,
        1.7025,
        4.33,
        1.775,
        4.4,
        1.845,
        4.47,
        1.915,
        4.5425,
        1.9875,
        4.6125,
        2.0575,
        4.6825,
        2.13,
        4.755,
        2.2,
        4.825,
        2.27,
        4.8975,
        2.3425,
        4.9675,
        2.4125,
        5.0375,
        2.4825
    ],
    "ImageOrientationPatientDICOM": [
        1,
        0,
        0,
        0,
        0.866025,
        -0.5
    ],
    "InPlanePhaseEncodingDirectionDICOM": "COL",
    "ConversionSoftware": "dcm2niix",
    "ConversionSoftwareVersion": "v1.0.20220720",
    "IntendedFor": [
        "func/sub-MBMF024602_task-MBMF_run-2_bold.nii.gz"
    ]
}
