{
    "Modality": "MR",
    "MagneticFieldStrength": 3,
    "ImagingFrequency": 123.25,
    "Manufacturer": "Siemens",
    "ManufacturersModelName": "Prisma_fit",
    "BodyPartExamined": "BRAIN",
    "PatientPosition": "HFS",
    "SoftwareVersions": "syngo MR E11",
    "MRAcquisitionType": "2D",
    "SeriesDescription": "task-MBMF_run-02_bold",
    "ProtocolName": "task-MBMF_run-02_bold",
    "ScanningSequence": "EP",
    "SequenceVariant": "SK\\SS\\OSP",
    "ScanOptions": "FS\\EXT",
    "SequenceName": "epfid2d1_96",
    "ImageType": [
        "ORIGINAL",
        "PRIMARY",
        "M",
        "MB",
        "ND",
        "MOSAIC"
    ],
    "SeriesNumber": 15,
    "AcquisitionNumber": 1,
    "ImageComments": "Unaliased MB4/PE4/LB",
    "SliceThickness": 2,
    "SpacingBetweenSlices": 2,
    "SAR": 0.0807533,
    "EchoTime": 0.03,
    "RepetitionTime": 1.12,
    "FlipAngle": 54,
    "PartialFourier": 1,
    "BaseResolution": 96,
    "ShimSetting": [
        6979,
        -3653,
        7983,
        570,
        -98,
        -140,
        70,
        -32
    ],
    "TxRefAmp": 229.685,
    "PhaseResolution": 1,
    "PhaseOversampling": 0.1,
    "ReceiveCoilName": "Head_32",
    "ReceiveCoilActiveElements": "HEA;HEP",
    "PulseSequenceDetails": "%CustomerSeq%\\cmrr_mbep2d_bold",
    "RefLinesPE": 24,
    "CoilCombinationMethod": "Sum of Squares",
    "ConsistencyInfo": "N4_VE11C_LATEST_20160120",
    "MatrixCoilMode": "GRAPPA",
    "MultibandAccelerationFactor": 4,
    "PercentPhaseFOV": 100,
    "PercentSampling": 100,
    "EchoTrainLength": 53,
    "PhaseEncodingSteps": 106,
    "AcquisitionMatrixPE": 96,
    "ReconMatrixPE": 96,
    "BandwidthPerPixelPhaseEncode": 33.693,
    "ParallelReductionFactorInPlane": 2,
    "EffectiveEchoSpacing": 0.000309164,
    "DerivedVendorReportedEchoSpacing": 0.000562117,
    "TotalReadoutTime": 0.0293706,
    "PixelBandwidth": 2265,
    "DwellTime": 2.3e-06,
    "PhaseEncodingDirection": "j-",
    "SliceTiming": [
        0,
        0.795,
        0.49,
        0.185,
        0.9775,
        0.6725,
        0.3675,
        0.0625,
        0.855,
        0.55,
        0.245,
        1.04,
        0.735,
        0.4275,
        0.1225,
        0.9175,
        0.6125,
        0.305,
        0,
        0.795,
        0.49,
        0.185,
        0.9775,
        0.6725,
        0.3675,
        0.0625,
        0.855,
        0.55,
        0.245,
        1.04,
        0.735,
        0.4275,
        0.1225,
        0.9175,
        0.6125,
        0.305,
        0,
        0.795,
        0.49,
        0.185,
        0.9775,
        0.6725,
        0.3675,
        0.0625,
        0.855,
        0.55,
        0.245,
        1.04,
        0.735,
        0.4275,
        0.1225,
        0.9175,
        0.6125,
        0.305,
        0,
        0.795,
        0.49,
        0.185,
        0.9775,
        0.6725,
        0.3675,
        0.0625,
        0.855,
        0.55,
        0.245,
        1.04,
        0.735,
        0.4275,
        0.1225,
        0.9175,
        0.6125,
        0.305
    ],
    "ImageOrientationPatientDICOM": [
        1,
        0,
        0,
        0,
        0.866025,
        -0.5
    ],
    "ImageOrientationText": "Tra>Cor(-30.0)",
    "InPlanePhaseEncodingDirectionDICOM": "COL",
    "ConversionSoftware": "dcm2niix",
    "ConversionSoftwareVersion": "v1.0.20211006",
    "TaskName": "MBMF"
}
