{
    "Modality": "MR",
    "MagneticFieldStrength": 3,
    "ImagingFrequency": 123.25,
    "Manufacturer": "Siemens",
    "ManufacturersModelName": "Prisma_fit",
    "BodyPartExamined": "BRAIN",
    "PatientPosition": "HFS",
    "SoftwareVersions": "syngo MR E11",
    "MRAcquisitionType": "2D",
    "SeriesDescription": "func-bold_task-MBMF_run-1_SBRef",
    "ProtocolName": "func-bold_task-MBMF_run-1",
    "ScanningSequence": "EP",
    "SequenceVariant": "SK\\SS\\OSP",
    "ScanOptions": "FS\\EXT",
    "SequenceName": "epfid2d1_96",
    "ImageType": [
        "ORIGINAL",
        "PRIMARY",
        "M",
        "ND",
        "MOSAIC"
    ],
    "NonlinearGradientCorrection": false,
    "SeriesNumber": 29,
    "AcquisitionNumber": 1,
    "ImageComments": "Single-band reference",
    "SliceThickness": 2,
    "SpacingBetweenSlices": 2,
    "SAR": 0.077566,
    "EchoTime": 0.03,
    "RepetitionTime": 1.12,
    "FlipAngle": 54,
    "PartialFourier": 1,
    "BaseResolution": 96,
    "ShimSetting": [
        6983,
        -3671,
        7961,
        596,
        -19,
        -89,
        25,
        4
    ],
    "TxRefAmp": 243.133,
    "PhaseResolution": 1,
    "PhaseOversampling": 0.1,
    "ReceiveCoilName": "Head_32",
    "ReceiveCoilActiveElements": "HEA;HEP",
    "PulseSequenceDetails": "%CustomerSeq%\\cmrr_mbep2d_bold",
    "RefLinesPE": 24,
    "CoilCombinationMethod": "Sum of Squares",
    "ConsistencyInfo": "N4_VE11C_LATEST_20160120",
    "MatrixCoilMode": "GRAPPA",
    "PercentPhaseFOV": 100,
    "PercentSampling": 100,
    "EchoTrainLength": 53,
    "PhaseEncodingSteps": 106,
    "AcquisitionMatrixPE": 96,
    "ReconMatrixPE": 96,
    "BandwidthPerPixelPhaseEncode": 33.693,
    "ParallelReductionFactorInPlane": 2,
    "EffectiveEchoSpacing": 0.000309164,
    "DerivedVendorReportedEchoSpacing": 0.000562117,
    "TotalReadoutTime": 0.0293706,
    "PixelBandwidth": 2265,
    "PhaseEncodingDirection": "j-",
    "SliceTiming": [
        0,
        0.06,
        0.1225,
        0.1825,
        0.2425,
        0.305,
        0.365,
        0.4275,
        0.4875,
        0.55,
        0.61,
        0.6725,
        0.7325,
        0.7925,
        0.855,
        0.915,
        0.9775,
        1.0375,
        1.1,
        1.16,
        1.22,
        1.2825,
        1.3425,
        1.405,
        1.465,
        1.5275,
        1.5875,
        1.65,
        1.71,
        1.77,
        1.8325,
        1.8925,
        1.955,
        2.015,
        2.0775,
        2.1375,
        2.2,
        2.26,
        2.32,
        2.3825,
        2.4425,
        2.505,
        2.565,
        2.6275,
        2.6875,
        2.75,
        2.81,
        2.87,
        2.9325,
        2.9925,
        3.055,
        3.115,
        3.1775,
        3.2375,
        3.3,
        3.36,
        3.42,
        3.4825,
        3.5425,
        3.605,
        3.665,
        3.7275,
        3.7875,
        3.85,
        3.91,
        3.97,
        4.0325,
        4.0925,
        4.155,
        4.215,
        4.2775,
        4.3375
    ],
    "ImageOrientationPatientDICOM": [
        1,
        0,
        0,
        0,
        0.866025,
        -0.5
    ],
    "InPlanePhaseEncodingDirectionDICOM": "COL",
    "ConversionSoftware": "dcm2niix",
    "ConversionSoftwareVersion": "v1.0.20220720",
    "TaskName": "unknown"
}
